GIT
  remote: git://github.com/capistrano/sshkit.git
  revision: cffc66d5b3159559c4bda4d3259bc7e9310d04a7
  branch: custom-runner
  specs:
    sshkit (1.7.1)
      colorize (>= 0.7.0)
      net-scp (>= 1.1.2)
      net-ssh (>= 2.8.0)

GEM
  remote: https://rubygems.org/
  specs:
    capistrano (3.4.0)
      i18n
      rake (>= 10.0.0)
      sshkit (~> 1.3)
    colorize (0.7.7)
    i18n (0.7.0)
    net-scp (1.2.1)
      net-ssh (>= 2.6.5)
    net-ssh (3.0.2)
    rake (10.5.0)

PLATFORMS
  ruby

DEPENDENCIES
  capistrano (= 3.4.0)
  sshkit!

BUNDLED WITH
   1.10.6
